GEM
  remote: https://rubygems.org/
  specs:
    coderay (1.0.9)
    columnize (0.3.6)
    debugger (1.2.4)
      columnize (>= 0.3.1)
      debugger-linecache (~> 1.1.1)
      debugger-ruby_core_source (~> 1.1.7)
    debugger-linecache (1.1.2)
      debugger-ruby_core_source (>= 1.1.1)
    debugger-ruby_core_source (1.1.9)
    diff-lcs (1.2.1)
    ffi (1.4.0)
    method_source (0.8.1)
    pry (0.9.12)
      coderay (~> 1.0.5)
      method_source (~> 0.8)
      slop (~> 3.4)
    pry-debugger (0.2.1)
      debugger (~> 1.2.0)
      pry (~> 0.9.10)
    rake (10.0.3)
    rspec (2.13.0)
      rspec-core (~> 2.13.0)
      rspec-expectations (~> 2.13.0)
      rspec-mocks (~> 2.13.0)
    rspec-core (2.13.0)
    rspec-expectations (2.13.0)
      diff-lcs (>= 1.1.3, < 2.0)
    rspec-mocks (2.13.0)
    ruby-graphviz (1.0.8)
    ruby-llvm (3.1.0.beta.1)
      ffi (>= 1.0.0)
    ruby-prof (0.12.2)
    slop (3.4.3)

PLATFORMS
  ruby

DEPENDENCIES
  pry
  pry-debugger
  rake
  rspec
  ruby-graphviz
  ruby-llvm (~> 3.1.0.beta.1)
  ruby-prof
